GEM
  remote: http://rubygems.org/
  specs:
    faraday (0.8.5)
      multipart-post (~> 1.1)
    faraday_middleware (0.9.0)
      faraday (>= 0.7.4, < 0.9)
    json (1.7.7)
    multipart-post (1.1.5)
    rack (1.5.2)
    rack-protection (1.5.0)
      rack
    rake (0.9.6)
    rake-pipeline (0.7.0)
      json
      rake (~> 0.9.0)
      thor
    sinatra (1.4.2)
      rack (~> 1.5, >= 1.5.2)
      rack-protection (~> 1.4)
      tilt (~> 1.3, >= 1.3.4)
    thor (0.18.0)
    tilt (1.3.6)

PLATFORMS
  ruby

DEPENDENCIES
  faraday
  faraday_middleware
  rake
  rake-pipeline
  sinatra
